GEM
  remote: https://rubygems.org/
  specs:
    asciidoctor (1.5.2)

PLATFORMS
  ruby
  x64-mingw-ucrt

DEPENDENCIES
  asciidoctor

BUNDLED WITH
   2.3.26
